GEM
  remote: https://rubygems.org/
  specs:
    builder (3.2.2)
    haml (4.0.5)
      tilt
    rack (1.5.2)
    sinatra (1.0)
      rack (>= 1.0)
    tilt (2.0.1)

PLATFORMS
  ruby

DEPENDENCIES
  builder
  haml
  sinatra
